GEM
  remote: https://rubygems.org/
  specs:
    hashie (1.2.0)
    httparty (0.8.3)
      multi_json (~> 1.0)
      multi_xml
    json (1.7.3)
    multi_json (1.3.5)
    multi_xml (0.5.1)

PLATFORMS
  ruby

DEPENDENCIES
  hashie
  httparty
  json
